PATH
  remote: .
  specs:
    ruspea_lang (0.1.2)
      zeitwerk

GEM
  remote: https://rubygems.org/
  specs:
    byebug (11.0.1)
    coderay (1.1.2)
    diff-lcs (1.3)
    method_source (0.9.2)
    pry (0.12.2)
      coderay (~> 1.1.0)
      method_source (~> 0.9.0)
    pry-byebug (3.7.0)
      byebug (~> 11.0)
      pry (~> 0.10)
    rake (13.0.1)
    rspec (3.8.0)
      rspec-core (~> 3.8.0)
      rspec-expectations (~> 3.8.0)
      rspec-mocks (~> 3.8.0)
    rspec-core (3.8.0)
      rspec-support (~> 3.8.0)
    rspec-expectations (3.8.2)
      diff-lcs (>= 1.2.0, < 2.0)
      rspec-support (~> 3.8.0)
    rspec-mocks (3.8.0)
      diff-lcs (>= 1.2.0, < 2.0)
      rspec-support (~> 3.8.0)
    rspec-support (3.8.0)
    zeitwerk (2.1.9)

PLATFORMS
  ruby

DEPENDENCIES
  bundler (~> 2.0)
  pry-byebug
  rake (~> 13.0)
  rspec (~> 3.0)
  ruspea_lang!

BUNDLED WITH
   2.0.2
